GEM
  remote: http://rubygems.org/
  specs:
    ruby-opencv (0.0.8-x86-mingw32)

PLATFORMS
  x86-mingw32

DEPENDENCIES
  ruby-opencv
